GEM
  remote: https://rubygems.org/
  specs:
    power_assert (1.1.5)
    test-unit (3.3.3)
      power_assert

PLATFORMS
  ruby

DEPENDENCIES
  test-unit (~> 3.3)

BUNDLED WITH
   1.16.1
