GEM
  remote: https://rubygems.org/
  specs:
    artii (2.1.2)
    colorize (0.8.1)
    ocra (1.3.10)
    power_assert (1.1.5)
    test-unit (3.3.3)
      power_assert

PLATFORMS
  ruby

DEPENDENCIES
  artii (~> 2.1)
  colorize (~> 0.8.1)
  ocra (~> 1.3)
  test-unit (~> 3.3)

BUNDLED WITH
   2.0.2
